GEM
  remote: https://rubygems.org/
  specs:
    pug-ruby (1.0.2)
    sass (3.4.23)

PLATFORMS
  ruby

DEPENDENCIES
  pug-ruby (~> 1.0)
  sass

BUNDLED WITH
   1.14.3
